GEM
  remote: https://rubygems.org/
  specs:
    redis (4.0.1)

PLATFORMS
  ruby

DEPENDENCIES
  redis

RUBY VERSION
   ruby 2.5.0p0

BUNDLED WITH
   1.16.1
