GEM
  remote: https://rubygems.org/
  specs:
    em-hiredis (0.3.1)
      eventmachine (~> 1.0)
      hiredis (~> 0.6.0)
    eventmachine (1.2.5)
    hiredis (0.6.1)

PLATFORMS
  ruby

DEPENDENCIES
  em-hiredis
  eventmachine

RUBY VERSION
   ruby 2.5.0p0

BUNDLED WITH
   1.16.1
